GEM
  remote: http://rubygems.org/
  specs:
    cinch (2.0.3)
    cinch-identify (1.3.0)
      cinch (~> 2.0)
    json (1.7.4)
    redis (3.0.1)

PLATFORMS
  ruby

DEPENDENCIES
  cinch
  cinch-identify
  json
  redis
