GEM
  remote: https://rubygems.org/
  specs:
    cinch (2.0.3)
    cinch-identify (1.3.0)
      cinch (~> 2.0)
    daemons (1.1.9)
    domain_name (0.5.4)
      unf (~> 0.0.3)
    fastimage (1.2.13)
    json (1.7.5)
    mechanize (2.5.1)
      domain_name (~> 0.5, >= 0.5.1)
      mime-types (~> 1.17, >= 1.17.2)
      net-http-digest_auth (~> 1.1, >= 1.1.1)
      net-http-persistent (~> 2.5, >= 2.5.2)
      nokogiri (~> 1.4)
      ntlm-http (~> 0.1, >= 0.1.1)
      webrobots (~> 0.0, >= 0.0.9)
    mime-types (1.19)
    net-http-digest_auth (1.2.1)
    net-http-persistent (2.8)
    nokogiri (1.5.5)
    ntlm-http (0.1.1)
    oauth (0.4.7)
    redis (3.0.2)
    thor (0.16.0)
    unf (0.0.5)
      unf_ext
    unf_ext (0.0.5)
    webrobots (0.0.13)
    yelpster (1.1.1)
      json (>= 1.1.1)
      oauth (>= 0.4.5)

PLATFORMS
  ruby

DEPENDENCIES
  cinch
  cinch-identify
  daemons
  fastimage
  json
  mechanize
  redis
  thor
  yelpster
